GEM
  remote: https://rubygems.org/
  specs:
    rack (1.6.9)
    rack-protection (1.5.5)
      rack
    sinatra (1.3.6)
      rack (~> 1.4)
      rack-protection (~> 1.3)
      tilt (~> 1.3, >= 1.3.3)
    tilt (1.4.1)

PLATFORMS
  ruby

DEPENDENCIES
  sinatra

BUNDLED WITH
   1.16.1
